GEM
  remote: http://rubygems.org/
  specs:
    RbST (0.1.3)
    actionmailer (2.3.12)
      actionpack (= 2.3.12)
    actionpack (2.3.12)
      activesupport (= 2.3.12)
      rack (~> 1.1.0)
    activerecord (2.3.12)
      activesupport (= 2.3.12)
    activeresource (2.3.12)
      activesupport (= 2.3.12)
    activesupport (2.3.12)
    addressable (2.2.6)
    akami (1.0.0)
      gyoku (>= 0.4.0)
    archive-tar-minitar (0.5.2)
    builder (3.0.0)
    coderay (0.9.8)
    columnize (0.3.4)
    crack (0.1.8)
    edavis10-object_daddy (0.4.3)
    faraday (0.6.1)
      addressable (~> 2.2.4)
      multipart-post (~> 1.1.0)
      rack (>= 1.1.0, < 2)
    faraday_middleware (0.6.5)
      faraday (~> 0.6.0)
    garb (0.9.1)
      activesupport (>= 2.2.0)
      crack (>= 0.1.6)
    gyoku (0.4.4)
      builder (>= 2.1.2)
    hashie (1.0.0)
    httparty (0.7.8)
      crack (= 0.1.8)
    httpi (0.9.5)
      rack
    i18n (0.4.2)
    inifile (0.4.1)
    koala (1.1.0)
      multi_json (~> 1.0)
      multipart-post (~> 1.0)
    linecache (0.46)
      rbx-require-relative (> 0.0.4)
    linecache19 (0.5.12)
      ruby_core_source (>= 0.1.4)
    lockfile (1.4.3)
    mocha (0.9.12)
    multi_json (1.0.3)
    multi_xml (0.2.2)
    multipart-post (1.1.3)
    mysql (2.8.1)
    mysql2 (0.2.11)
    nokogiri (1.5.0)
    nori (1.0.2)
    oauth (0.4.5)
    pg (0.9.0)
    rack (1.1.2)
    rails (2.3.12)
      actionmailer (= 2.3.12)
      actionpack (= 2.3.12)
      activerecord (= 2.3.12)
      activeresource (= 2.3.12)
      activesupport (= 2.3.12)
      rake (>= 0.8.3)
    rake (0.9.2)
    rbx-require-relative (0.0.5)
    rdoc (3.9.1)
    rmagick (1.15.17)
    ruby-debug (0.10.4)
      columnize (>= 0.1)
      ruby-debug-base (~> 0.10.4.0)
    ruby-debug-base (0.10.4)
      linecache (>= 0.3)
    ruby-debug-base19 (0.11.25)
      columnize (>= 0.3.1)
      linecache19 (>= 0.5.11)
      ruby_core_source (>= 0.1.4)
    ruby-debug19 (0.11.6)
      columnize (>= 0.3.1)
      linecache19 (>= 0.5.11)
      ruby-debug-base19 (>= 0.11.19)
    ruby-openid (2.1.8)
    ruby_core_source (0.1.5)
      archive-tar-minitar (>= 0.5.2)
    rubytree (0.5.3)
    savon (0.9.6)
      akami (~> 1.0)
      builder (>= 2.1.2)
      gyoku (>= 0.4.0)
      httpi (~> 0.9)
      nokogiri (>= 1.4.0)
      nori (~> 1.0)
      wasabi (~> 2.0)
    shoulda (2.10.3)
    simple_oauth (0.1.5)
    sqlite3 (1.3.4)
    sqlite3-ruby (1.2.5)
    twitter (1.6.0)
      faraday (~> 0.6.1)
      faraday_middleware (~> 0.6.3)
      hashie (~> 1.0.0)
      multi_json (~> 1.0.0)
      multi_xml (~> 0.2.0)
      simple_oauth (~> 0.1.5)
    wasabi (2.0.0)
      nokogiri (>= 1.4.0)
    will_paginate (2.3.15)

PLATFORMS
  ruby

DEPENDENCIES
  RbST
  activerecord-jdbcmysql-adapter
  activerecord-jdbcpostgresql-adapter
  activerecord-jdbcsqlite3-adapter
  coderay (~> 0.9.7)
  edavis10-object_daddy
  garb (= 0.9.1)
  httparty (= 0.7.8)
  i18n (~> 0.4.2)
  inifile
  jruby-openssl
  koala
  lockfile
  mocha
  mysql
  mysql2 (~> 0.2.7)
  oauth
  pg (~> 0.9.0)
  rack (>= 1.1.0)
  rails (= 2.3.12)
  rdoc (>= 2.4.2)
  rmagick (~> 1.15.17)
  ruby-debug
  ruby-debug19
  ruby-openid (~> 2.1.4)
  rubytree (~> 0.5.2)
  savon (= 0.9.6)
  shoulda (~> 2.10.3)
  sqlite3
  sqlite3-ruby (< 1.3)
  twitter (= 1.6.0)
  will_paginate (= 2.3.15)
